GEM
  remote: https://rubygems.org/
  specs:
    diff-lcs (1.5.0)
    respec (0.9.1)
      rspec (>= 2.11)
    rspec (3.11.0)
      rspec-core (~> 3.11.0)
      rspec-expectations (~> 3.11.0)
      rspec-mocks (~> 3.11.0)
    rspec-core (3.11.0)
      rspec-support (~> 3.11.0)
    rspec-expectations (3.11.0)
      diff-lcs (>= 1.2.0, < 2.0)
      rspec-support (~> 3.11.0)
    rspec-mocks (3.11.1)
      diff-lcs (>= 1.2.0, < 2.0)
      rspec-support (~> 3.11.0)
    rspec-support (3.11.0)
    rufo (0.13.0)

PLATFORMS
  ruby

DEPENDENCIES
  respec
  rufo

BUNDLED WITH
   2.1.4
